GEM
  remote: http://rubygems.org/
  specs:
    active_support (3.0.0)
      activesupport (= 3.0.0)
    activesupport (3.0.0)
    paint (0.8.4)
    rake (0.9.2.2)
    rake-version (0.2.0)
      rake (~> 0.9.2)
      upoj-rb (~> 0.0.5)
    upoj-rb (0.0.5)
      active_support (>= 2)
      paint

PLATFORMS
  ruby

DEPENDENCIES
  rake-version (~> 0.2.0)
